GEM
  remote: https://rubygems.org/
  specs:
    axiom-types (0.1.1)
      descendants_tracker (~> 0.0.4)
      ice_nine (~> 0.11.0)
      thread_safe (~> 0.3, >= 0.3.1)
    coercible (1.0.0)
      descendants_tracker (~> 0.0.1)
    csv (3.3.0)
    descendants_tracker (0.0.4)
      thread_safe (~> 0.3, >= 0.3.1)
    dotenv (3.1.0)
    faraday (2.9.0)
      faraday-net_http (>= 2.0, < 3.2)
    faraday-net_http (3.1.0)
      net-http
    gemoji (4.1.0)
    geocoder (1.8.2)
    ice_nine (0.11.2)
    inflecto (0.0.2)
    net-http (0.4.1)
      uri
    pg (1.5.6)
    telegram-bot-ruby (0.11.0)
      faraday
      inflecto
      virtus
    thread_safe (0.3.6)
    uri (0.13.0)
    virtus (2.0.0)
      axiom-types (~> 0.1)
      coercible (~> 1.0)
      descendants_tracker (~> 0.0, >= 0.0.3)

PLATFORMS
  arm64-darwin-22
  ruby

DEPENDENCIES
  csv
  dotenv
  gemoji
  geocoder
  pg
  telegram-bot-ruby (~> 0.11.0)

RUBY VERSION
   ruby 3.0.0p0

BUNDLED WITH
   2.5.3
